GEM
  remote: https://rubygems.org/
  specs:
    RubySunrise (0.3)
      tzinfo
    net-ssh (2.6.7)
    rmagick (2.13.2)
    serialport (1.1.0)
    tzinfo (1.0.1)

PLATFORMS
  ruby

DEPENDENCIES
  RubySunrise
  net-ssh
  serialport
